GEM
  remote: https://rubygems.org/
  specs:
    codeship (0.0.1)
    daemons (1.1.9)
    eventmachine (1.0.3)
    haml (4.0.5)
      tilt
    hiredis (0.5.2)
    rack (1.5.2)
    rack-protection (1.5.3)
      rack
    redis (3.1.0)
    shotgun (0.9)
      rack (>= 1.0)
    sinatra (1.4.5)
      rack (~> 1.4)
      rack-protection (~> 1.4)
      tilt (~> 1.3, >= 1.3.4)
    thin (1.6.2)
      daemons (>= 1.0.9)
      eventmachine (>= 1.0.0)
      rack (>= 1.0.0)
    tilt (1.4.1)

PLATFORMS
  ruby

DEPENDENCIES
  codeship
  haml
  hiredis
  redis
  shotgun
  sinatra
  thin
